NUGET
  remote: https://www.nuget.org/api/v2
  specs:
    FSharp.Core (4.0.0.1) - redirects: force

GROUP Build
NUGET
  remote: https://www.nuget.org/api/v2
  specs:
    FAKE (4.25.5)
    FSharp.Compiler.Service (2.0.0.6)
    FSharp.Core (4.0.0.1)
    FSharp.Data.SqlClient (1.8.1)
    FSharp.Formatting (2.14.2)
      FSharp.Compiler.Service (2.0.0.6)
      FSharpVSPowerTools.Core (>= 2.3 < 2.4)
    FSharpVSPowerTools.Core (2.3)
      FSharp.Compiler.Service (>= 2.0.0.3)
    Microsoft.Bcl (1.1.10) - framework: net10, net11, net20, net30, net35, net40, net40-full
      Microsoft.Bcl.Build (>= 1.0.14)
    Microsoft.Bcl.Build (1.0.21) - import_targets: false, framework: net10, net11, net20, net30, net35, net40, net40-full
    Microsoft.CodeAnalysis.Analyzers (1.1)
    Microsoft.CodeAnalysis.Common (1.2.1)
      Microsoft.CodeAnalysis.Analyzers (>= 1.1)
      System.Collections.Immutable (>= 1.1.37)
      System.Reflection.Metadata (>= 1.2)
    Microsoft.CodeAnalysis.CSharp (1.2.1)
      Microsoft.CodeAnalysis.Common (1.2.1)
    Microsoft.Net.Http (2.2.29) - framework: net10, net11, net20, net30, net35, net40, net40-full
      Microsoft.Bcl (>= 1.1.10)
      Microsoft.Bcl.Build (>= 1.0.14)
    Microsoft.Orleans.Core (1.2)
      Newtonsoft.Json (>= 7.0.1)
    Microsoft.Orleans.OrleansCodeGenerator (1.2)
      Microsoft.CodeAnalysis.CSharp (>= 1.0)
      Microsoft.Orleans.Core (>= 1.2)
    Microsoft.Orleans.OrleansProviders (1.2)
      Microsoft.Orleans.Core (>= 1.2)
    Microsoft.Orleans.OrleansRuntime (1.2)
      Microsoft.Orleans.Core (>= 1.2)
    Newtonsoft.Json (8.0.3)
    Octokit (0.19)
      Microsoft.Net.Http  - framework: net10, net11, net20, net30, net35, net40, net40-full
    Orleankka (0.21)
      Microsoft.Orleans.OrleansCodeGenerator (>= 1.2)
      Microsoft.Orleans.OrleansProviders (>= 1.2)
      Microsoft.Orleans.OrleansRuntime (>= 1.2)
      Newtonsoft.Json (>= 7.0.1)
    Orleankka.Fsharp (0.21)
      Orleankka (>= 0.21)
    SourceLink.Fake (1.1)
    Suave (1.1.2)
      FSharp.Core (>= 3.1.2.5)
    System.Collections (4.0.10) - framework: dnxcore50, >= netstandard11
      System.Diagnostics.Debug (>= 4.0) - framework: dnxcore50
      System.Resources.ResourceManager (>= 4.0) - framework: dnxcore50
      System.Runtime (>= 4.0) - framework: dnxcore50
      System.Runtime (>= 4.0.20) - framework: dnxcore50
      System.Runtime.Extensions (>= 4.0) - framework: dnxcore50
      System.Threading (>= 4.0) - framework: dnxcore50
    System.Collections.Immutable (1.1.37)
      System.Collections (>= 4.0) - framework: dnxcore50
      System.Diagnostics.Debug (>= 4.0) - framework: dnxcore50
      System.Globalization (>= 4.0) - framework: dnxcore50
      System.Linq (>= 4.0) - framework: dnxcore50
      System.Resources.ResourceManager (>= 4.0) - framework: dnxcore50
      System.Runtime (>= 4.0) - framework: dnxcore50
      System.Runtime.Extensions (>= 4.0) - framework: dnxcore50
      System.Threading (>= 4.0) - framework: dnxcore50
    System.Diagnostics.Debug (4.0.10) - framework: dnxcore50, >= netstandard11
      System.Runtime (>= 4.0) - framework: dnxcore50
    System.Globalization (4.0.10) - framework: dnxcore50
      System.Runtime (>= 4.0) - framework: dnxcore50
    System.IO (4.0.10) - framework: >= netstandard11
    System.Linq (4.0) - framework: dnxcore50, >= netstandard11
      System.Collections (>= 4.0.10) - framework: dnxcore50
      System.Diagnostics.Debug (>= 4.0.10) - framework: dnxcore50
      System.Resources.ResourceManager (>= 4.0) - framework: dnxcore50
      System.Runtime (>= 4.0.20) - framework: dnxcore50
      System.Runtime.Extensions (>= 4.0.10) - framework: dnxcore50
    System.Private.Uri (4.0) - framework: dnxcore50
    System.Reflection (4.0.10) - framework: dnxcore50, >= netstandard11
    System.Reflection.Extensions (4.0) - framework: >= netstandard11
    System.Reflection.Metadata (1.2)
      System.Collections (>= 4.0) - framework: >= netstandard11
      System.Collections.Immutable (>= 1.1.37)
      System.Diagnostics.Debug (>= 4.0) - framework: >= netstandard11
      System.IO (>= 4.0) - framework: >= netstandard11
      System.Linq (>= 4.0) - framework: >= netstandard11
      System.Reflection (>= 4.0) - framework: >= netstandard11
      System.Reflection.Extensions (>= 4.0) - framework: >= netstandard11
      System.Reflection.Primitives (>= 4.0) - framework: >= netstandard11
      System.Resources.ResourceManager (>= 4.0) - framework: >= netstandard11
      System.Runtime (>= 4.0) - framework: >= netstandard11
      System.Runtime.Extensions (>= 4.0) - framework: >= netstandard11
      System.Runtime.InteropServices (>= 4.0) - framework: >= netstandard11
      System.Text.Encoding (>= 4.0) - framework: >= netstandard11
      System.Text.Encoding.Extensions (>= 4.0) - framework: >= netstandard11
      System.Threading (>= 4.0) - framework: >= netstandard11
    System.Reflection.Primitives (4.0) - framework: >= netstandard11
    System.Resources.ResourceManager (4.0) - framework: dnxcore50, >= netstandard11
      System.Globalization (>= 4.0) - framework: dnxcore50
      System.Reflection (>= 4.0) - framework: dnxcore50
      System.Reflection (>= 4.0.10) - framework: dnxcore50
      System.Runtime (>= 4.0) - framework: dnxcore50
      System.Runtime (>= 4.0.20) - framework: dnxcore50
    System.Runtime (4.0.20) - framework: dnxcore50, >= netstandard11
      System.Private.Uri (>= 4.0) - framework: dnxcore50
    System.Runtime.Extensions (4.0.10) - framework: dnxcore50, >= netstandard11
      System.Runtime (>= 4.0.20) - framework: dnxcore50
    System.Runtime.InteropServices (4.0.20) - framework: >= netstandard11
    System.Text.Encoding (4.0.10) - framework: >= netstandard11
    System.Text.Encoding.Extensions (4.0.10) - framework: >= netstandard11
    System.Threading (4.0.10) - framework: dnxcore50, >= netstandard11
      System.Runtime (>= 4.0) - framework: dnxcore50
      System.Threading.Tasks (>= 4.0) - framework: dnxcore50
    System.Threading.Tasks (4.0.10) - framework: dnxcore50
      System.Runtime (>= 4.0) - framework: dnxcore50
GITHUB
  remote: fsharp/FAKE
  specs:
    modules/Octokit/Octokit.fsx (26ea4dbb3d60352b88162bb32577015af2e7c44e)
      Octokit
GROUP Test
NUGET
  remote: https://www.nuget.org/api/v2
  specs:
    NUnit (2.6.4)
    NUnit.Runners (2.6.4)
